GIT
  remote: git://github.com/amatsuda/kaminari.git
  revision: 533993fde02e4cb08ae8581a0cc69b5c6b291c1f
  specs:
    kaminari (0.14.1)
      actionpack (>= 3.0.0)
      activesupport (>= 3.0.0)

GIT
  remote: git://github.com/mtrudel/easel.git
  revision: e592b5294c9d96159e86c194c06aec551c78ea8a
  branch: i18n
  specs:
    easel (0.1.0)
      activesupport
      mongoid
      rdf
      rdf-xml

GEM
  remote: https://rubygems.org/
  specs:
    actionpack (3.2.13)
      activemodel (= 3.2.13)
      activesupport (= 3.2.13)
      builder (~> 3.0.0)
      erubis (~> 2.7.0)
      journey (~> 1.0.4)
      rack (~> 1.4.5)
      rack-cache (~> 1.2)
      rack-test (~> 0.6.1)
      sprockets (~> 2.2.1)
    activemodel (3.2.13)
      activesupport (= 3.2.13)
      builder (~> 3.0.0)
    activesupport (3.2.13)
      i18n (= 0.6.1)
      multi_json (~> 1.0)
    addressable (2.3.4)
    amatch (0.2.11)
      tins (~> 0.3)
    ansi (1.4.3)
    backports (3.3.0)
    bcrypt-ruby (3.0.1)
    better_errors (0.8.0)
      coderay (>= 1.0.0)
      erubis (>= 2.6.6)
    binding_of_caller (0.7.1)
      debug_inspector (>= 0.0.1)
    builder (3.0.4)
    celluloid (0.12.4)
      facter (>= 1.6.12)
      timers (>= 1.0.0)
    coderay (1.0.9)
    connection_pool (1.0.0)
    debug_inspector (0.0.2)
    easy_diff (0.0.2)
    email_veracity (0.6.0)
    enhanced_marc (0.2.3)
      locale
      marc
    erubis (2.7.0)
    facets (2.9.3)
    facter (1.7.0)
    gyoku (1.0.0)
      builder (>= 2.1.2)
    haml (4.0.2)
      tilt
    hashdiff (0.0.6)
    hashr (0.0.22)
    hike (1.2.2)
    http_router (0.10.2)
      rack (>= 1.0.0)
      url_mount (~> 0.2.1)
    i18n (0.6.1)
    ignore_nil (1.0.3)
    iso-639 (0.1.0)
    journey (1.0.4)
    language_list (1.0.0)
    locale (2.0.8)
    lz4-ruby (0.1.7)
    mail (2.3.3)
      i18n (>= 0.4.0)
      mime-types (~> 1.16)
      treetop (~> 1.4.8)
    marc (0.5.0)
    method_source (0.8.1)
    mime-types (1.22)
    mongoid (3.1.2)
      activemodel (~> 3.2)
      moped (~> 1.4.2)
      origin (~> 1.0)
      tzinfo (~> 0.3.22)
    mongoid-grid_fs (1.8.0)
      mime-types (~> 1.19)
      mongoid (~> 3.0)
    mongoid-history (0.3.3)
      activesupport
      easy_diff
      mongoid (~> 3.0)
    mongoid-pagination (0.2.0)
      activesupport
      mongoid
    mongoid-tree (1.0.1)
      mongoid (>= 3.0, <= 4.0)
    moped (1.4.5)
    multi_json (1.7.2)
    nokogiri (1.5.9)
    oj (2.0.10)
    origin (1.0.11)
    padrino (0.10.7)
      padrino-admin (= 0.10.7)
      padrino-cache (= 0.10.7)
      padrino-core (= 0.10.7)
      padrino-gen (= 0.10.7)
      padrino-helpers (= 0.10.7)
      padrino-mailer (= 0.10.7)
    padrino-admin (0.10.7)
      padrino-core (= 0.10.7)
      padrino-helpers (= 0.10.7)
    padrino-cache (0.10.7)
      padrino-core (= 0.10.7)
    padrino-core (0.10.7)
      activesupport (~> 3.2.0)
      http_router (~> 0.10.2)
      sinatra (~> 1.3.1)
      thor (~> 0.15.2)
      tilt (~> 1.3.0)
    padrino-gen (0.10.7)
      bundler (~> 1.0)
      padrino-core (= 0.10.7)
    padrino-helpers (0.10.7)
      i18n (~> 0.6)
      padrino-core (= 0.10.7)
    padrino-mailer (0.10.7)
      mail (~> 2.3.0)
      padrino-core (= 0.10.7)
    polyglot (0.3.3)
    pry (0.9.12)
      coderay (~> 1.0.5)
      method_source (~> 0.8)
      slop (~> 3.4)
    pry-padrino (0.1.2)
      pry (>= 0.8)
    rabl (0.8.3)
      activesupport (>= 2.3.14)
    rack (1.4.5)
    rack-cache (1.2)
      rack (>= 0.4)
    rack-protection (1.5.0)
      rack
    rack-test (0.6.2)
      rack (>= 1.0)
    rake (10.0.4)
    rdf (1.0.5)
      addressable (>= 2.2)
    rdf-rdfxml (1.0.1)
      rdf (>= 1.0)
      rdf-xsd (>= 1.0)
    rdf-xml (0.0.3)
      nokogiri (>= 1.4.1)
      rdf (>= 0.1.1)
    rdf-xsd (1.0.0)
      backports
      nokogiri (>= 1.5.0)
      rdf (>= 0.3.4)
    redis (3.0.3)
    redis-namespace (1.2.1)
      redis (~> 3.0.0)
    rest-client (1.6.7)
      mime-types (>= 1.16)
    ruby-prof (0.13.0)
    sidekiq (2.10.0)
      celluloid (~> 0.12.0)
      connection_pool (~> 1.0)
      i18n
      multi_json (~> 1)
      redis (~> 3)
      redis-namespace
      sinatra
      slim
    sinatra (1.3.6)
      rack (~> 1.4)
      rack-protection (~> 1.3)
      tilt (~> 1.3, >= 1.3.3)
    slim (1.3.8)
      temple (~> 0.6.3)
      tilt (~> 1.3.3)
    slop (3.4.4)
    snappy (0.0.8)
    sprockets (2.2.2)
      hike (~> 1.2)
      multi_json (~> 1.0)
      rack (~> 1.0)
      tilt (~> 1.1, != 1.3.0)
    temple (0.6.3)
    thor (0.15.4)
    tilt (1.3.7)
    timers (1.1.0)
    tins (0.7.2)
    tire (0.5.7)
      activemodel (>= 3.0)
      activesupport
      ansi
      hashr (~> 0.0.19)
      multi_json (~> 1.3)
      rake
      rest-client (~> 1.6)
    treetop (1.4.12)
      polyglot
      polyglot (>= 0.3.1)
    tzinfo (0.3.37)
    url_mount (0.2.1)
      rack
    wirble (0.1.3)

PLATFORMS
  ruby

DEPENDENCIES
  amatch
  bcrypt-ruby
  better_errors
  binding_of_caller
  easel!
  email_veracity
  enhanced_marc
  facets
  gyoku
  haml
  hashdiff
  ignore_nil
  iso-639
  kaminari!
  language_list
  lz4-ruby
  marc
  mongoid
  mongoid-grid_fs
  mongoid-history
  mongoid-pagination
  mongoid-tree
  nokogiri
  oj
  padrino
  padrino-cache
  padrino-core
  padrino-helpers
  pry-padrino
  rabl
  rdf-rdfxml
  ruby-prof
  sidekiq
  slim
  snappy
  tire
  wirble
