GIT
  remote: git://github.com/aq1018/mongoid-history.git
  revision: 9148d6e36d8a1bde9c421feb854da5ae886b40eb
  specs:
    mongoid-history (0.3.2)
      activesupport
      easy_diff
      mongoid (~> 3.0)

GIT
  remote: git://github.com/karmi/tire.git
  revision: 247c6ee3bc9b959fcd5674ad5df98c4971e3f424
  specs:
    tire (0.5.5)
      activemodel (>= 3.0)
      activesupport
      hashr (~> 0.0.19)
      multi_json (~> 1.3)
      rake
      rest-client (~> 1.6)

GIT
  remote: git://github.com/mtrudel/easel.git
  revision: e592b5294c9d96159e86c194c06aec551c78ea8a
  branch: i18n
  specs:
    easel (0.1.0)
      activesupport
      mongoid
      rdf
      rdf-xml

GEM
  remote: https://rubygems.org/
  specs:
    activemodel (3.2.13)
      activesupport (= 3.2.13)
      builder (~> 3.0.0)
    activesupport (3.2.13)
      i18n (= 0.6.1)
      multi_json (~> 1.0)
    addressable (2.3.3)
    amatch (0.2.11)
      tins (~> 0.3)
    backports (3.1.1)
    better_errors (0.7.2)
      coderay (>= 1.0.0)
      erubis (>= 2.6.6)
    binding_of_caller (0.7.1)
      debug_inspector (>= 0.0.1)
    bson (1.8.3)
    bson_ext (1.8.3)
      bson (~> 1.8.3)
    builder (3.0.4)
    celluloid (0.12.4)
      facter (>= 1.6.12)
      timers (>= 1.0.0)
    coderay (1.0.9)
    connection_pool (1.0.0)
    debug_inspector (0.0.2)
    easy_diff (0.0.2)
    enhanced_marc (0.2.3)
      locale
      marc
    erubis (2.7.0)
    facets (2.9.3)
    facter (1.6.18)
    gyoku (1.0.0)
      builder (>= 2.1.2)
    hashdiff (0.0.6)
    hashr (0.0.22)
    http_router (0.10.2)
      rack (>= 1.0.0)
      url_mount (~> 0.2.1)
    i18n (0.6.1)
    locale (2.0.8)
    lz4-ruby (0.1.7)
    marc (0.5.0)
    method_source (0.8.1)
    mime-types (1.21)
    mongo (1.8.3)
      bson (~> 1.8.3)
    mongoid (3.1.2)
      activemodel (~> 3.2)
      moped (~> 1.4.2)
      origin (~> 1.0)
      tzinfo (~> 0.3.22)
    mongoid-grid_fs (1.7.0)
      mime-types (~> 1.19)
      mongoid (~> 3.0)
    mongoid-pagination (0.2.0)
      activesupport
      mongoid
    mongoid-tree (1.0.1)
      mongoid (>= 3.0, <= 4.0)
    moped (1.4.3)
    multi_json (1.7.1)
    nokogiri (1.5.8)
    oj (2.0.10)
    origin (1.0.11)
    padrino-cache (0.10.7)
      padrino-core (= 0.10.7)
    padrino-core (0.10.7)
      activesupport (~> 3.2.0)
      http_router (~> 0.10.2)
      sinatra (~> 1.3.1)
      thor (~> 0.15.2)
      tilt (~> 1.3.0)
    padrino-helpers (0.10.7)
      i18n (~> 0.6)
      padrino-core (= 0.10.7)
    parallel (0.6.3)
    pry (0.9.12)
      coderay (~> 1.0.5)
      method_source (~> 0.8)
      slop (~> 3.4)
    pry-padrino (0.1.2)
      pry (>= 0.8)
    rabl (0.8.0)
      activesupport (>= 2.3.14)
    rack (1.5.2)
    rack-protection (1.5.0)
      rack
    rake (10.0.3)
    rdf (1.0.3)
      addressable (>= 2.2)
    rdf-rdfxml (1.0.0)
      rdf (>= 1.0)
      rdf-xsd (>= 1.0)
    rdf-xml (0.0.3)
      nokogiri (>= 1.4.1)
      rdf (>= 0.1.1)
    rdf-xsd (1.0.0)
      backports
      nokogiri (>= 1.5.0)
      rdf (>= 0.3.4)
    redis (3.0.3)
    redis-namespace (1.2.1)
      redis (~> 3.0.0)
    rest-client (1.6.7)
      mime-types (>= 1.16)
    sidekiq (2.8.0)
      celluloid (~> 0.12.0)
      connection_pool (~> 1.0)
      multi_json (~> 1)
      redis (~> 3)
      redis-namespace
    sinatra (1.3.6)
      rack (~> 1.4)
      rack-protection (~> 1.3)
      tilt (~> 1.3, >= 1.3.3)
    slim (1.3.6)
      temple (~> 0.5.5)
      tilt (~> 1.3.3)
    slop (3.4.4)
    snappy (0.0.8)
    temple (0.5.5)
    thor (0.15.4)
    tilt (1.3.6)
    timers (1.1.0)
    tins (0.7.2)
    tzinfo (0.3.37)
    url_mount (0.2.1)
      rack
    wirble (0.1.3)

PLATFORMS
  ruby

DEPENDENCIES
  amatch
  better_errors
  binding_of_caller
  bson_ext
  easel!
  enhanced_marc
  facets
  gyoku
  hashdiff
  lz4-ruby
  marc
  mongo
  mongoid
  mongoid-grid_fs
  mongoid-history!
  mongoid-pagination
  mongoid-tree
  nokogiri
  oj
  padrino-cache
  padrino-core
  padrino-helpers
  parallel
  pry-padrino
  rabl
  rdf-rdfxml
  sidekiq
  slim
  snappy
  tire!
  wirble
